GEM
  remote: https://rubygems.org/
  specs:
    concurrent-ruby (1.0.5)
    line-bot-api (1.2.4)
    mustermann (2.0.2)
      ruby2_keywords (~> 0.0.1)
    rack (2.2.4)
    rack-protection (2.2.3)
      rack
    ruby2_keywords (0.0.5)
    semantic_logger (4.3.0)
      concurrent-ruby (~> 1.0)
    sinatra (2.2.3)
      mustermann (~> 2.0)
      rack (~> 2.2)
      rack-protection (= 2.2.3)
      tilt (~> 2.0)
    sinatra-logger (0.3.2)
      semantic_logger
      sinatra
    tilt (2.0.11)

PLATFORMS
  ruby

DEPENDENCIES
  line-bot-api
  sinatra
  sinatra-logger

BUNDLED WITH
   1.16.2
