GEM
  remote: https://rubygems.org/
  specs:
    concurrent-ruby (1.0.5)
    line-bot-api (1.2.4)
    mustermann (1.0.2)
    rack (2.0.7)
    rack-protection (2.0.3)
      rack
    semantic_logger (4.3.0)
      concurrent-ruby (~> 1.0)
    sinatra (2.0.3)
      mustermann (~> 1.0)
      rack (~> 2.0)
      rack-protection (= 2.0.3)
      tilt (~> 2.0)
    sinatra-logger (0.3.2)
      semantic_logger
      sinatra
    tilt (2.0.8)

PLATFORMS
  ruby

DEPENDENCIES
  line-bot-api
  sinatra
  sinatra-logger

BUNDLED WITH
   1.16.2
